GEM
  remote: http://rubygems.org/
  specs:
    builder (3.2.2)
    cucumber (1.3.15)
      builder (>= 2.1.2)
      diff-lcs (>= 1.1.3)
      gherkin (~> 2.12)
      multi_json (>= 1.7.5, < 2.0)
      multi_test (>= 0.1.1)
    diff-lcs (1.2.5)
    gherkin (2.12.2-x86-mingw32)
      multi_json (~> 1.3)
    multi_json (1.10.1)
    multi_test (0.1.1)
    rack (1.5.2)
    rack-protection (1.5.3)
      rack
    rspec (3.0.0)
      rspec-core (~> 3.0.0)
      rspec-expectations (~> 3.0.0)
      rspec-mocks (~> 3.0.0)
    rspec-core (3.0.2)
      rspec-support (~> 3.0.0)
    rspec-expectations (3.0.2)
      diff-lcs (>= 1.2.0, < 2.0)
      rspec-support (~> 3.0.0)
    rspec-mocks (3.0.2)
      rspec-support (~> 3.0.0)
    rspec-support (3.0.2)
    sinatra (1.4.5)
      rack (~> 1.4)
      rack-protection (~> 1.4)
      tilt (~> 1.3, >= 1.3.4)
    sinatra-cross_origin (0.3.2)
    tilt (1.4.1)

PLATFORMS
  x86-mingw32

DEPENDENCIES
  cucumber
  rspec
  sinatra
  sinatra-cross_origin (~> 0.3.1)
